GEM
  remote: https://rubygems.org/
  specs:
    backports (3.15.0)
    haml (4.0.7)
      tilt
    multi_json (1.14.1)
    net-ldap (0.16.1)
    rack (1.6.11)
    rack-protection (1.5.5)
      rack
    rack-test (1.1.0)
      rack (>= 1.0, < 3)
    rake (10.5.0)
    sinatra (1.4.8)
      rack (~> 1.5)
      rack-protection (~> 1.4)
      tilt (>= 1.3, < 3)
    sinatra-contrib (1.4.7)
      backports (>= 2.0)
      multi_json
      rack-protection
      rack-test
      sinatra (~> 1.4.0)
      tilt (>= 1.3, < 3)
    smbhash (1.0.2)
    tilt (2.0.10)

PLATFORMS
  ruby

DEPENDENCIES
  haml (~> 4.0)
  net-ldap
  rack (~> 1.5)
  rake (~> 10.0)
  sinatra (~> 1.4)
  sinatra-contrib (~> 1.4)
  smbhash

BUNDLED WITH
   1.17.3
