GEM
  remote: https://rubygems.org/
  specs:
    autoprefixer-rails (6.5.1.1)
      execjs
    backports (3.6.8)
    bootstrap-sass (3.3.7)
      autoprefixer-rails (>= 5.2.1)
      sass (>= 3.3.4)
    chunky_png (1.3.7)
    closure-compiler (1.1.10)
    coffee-script (2.4.1)
      coffee-script-source
      execjs
    coffee-script-source (1.10.0)
    compass (1.0.3)
      chunky_png (~> 1.2)
      compass-core (~> 1.0.2)
      compass-import-once (~> 1.0.5)
      rb-fsevent (>= 0.9.3)
      rb-inotify (>= 0.9)
      sass (>= 3.3.13, < 3.5)
    compass-core (1.0.3)
      multi_json (~> 1.0)
      sass (>= 3.3.0, < 3.5)
    compass-import-once (1.0.5)
      sass (>= 3.2, < 3.5)
    execjs (2.7.0)
    ffi (1.9.14)
    haml (4.0.7)
      tilt
    hike (1.2.3)
    multi_json (1.12.1)
    net-ldap (0.15.0)
    rack (1.6.4)
    rack-protection (1.5.3)
      rack
    rack-test (0.6.3)
      rack (>= 1.0)
    rake (10.5.0)
    rb-fsevent (0.9.8)
    rb-inotify (0.9.7)
      ffi (>= 0.5.0)
    sass (3.4.22)
    sinatra (1.4.7)
      rack (~> 1.5)
      rack-protection (~> 1.4)
      tilt (>= 1.3, < 3)
    sinatra-asset-pipeline (0.7.0)
      coffee-script (~> 2.3)
      rake (~> 10.0)
      sass (~> 3.1)
      sinatra (~> 1.4)
      sprockets (~> 2.12)
      sprockets-helpers (~> 1.1)
      sprockets-sass (~> 1.2)
    sinatra-contrib (1.4.7)
      backports (>= 2.0)
      multi_json
      rack-protection
      rack-test
      sinatra (~> 1.4.0)
      tilt (>= 1.3, < 3)
    smbhash (1.0.2)
    sprockets (2.12.4)
      hike (~> 1.2)
      multi_json (~> 1.0)
      rack (~> 1.0)
      tilt (~> 1.1, != 1.3.0)
    sprockets-helpers (1.2.1)
      sprockets (>= 2.2)
    sprockets-sass (1.3.1)
      sprockets (~> 2.0)
      tilt (~> 1.1)
    tilt (1.4.1)

PLATFORMS
  ruby

DEPENDENCIES
  bootstrap-sass (~> 3.2, != 3.3.5)
  closure-compiler (~> 1.1, < 1.1.11)
  compass
  haml (~> 4.0)
  net-ldap
  rack (~> 1.5)
  rake (~> 10.0)
  sass (~> 3.2)
  sinatra (~> 1.4)
  sinatra-asset-pipeline (~> 0.7)
  sinatra-contrib (~> 1.4)
  smbhash

BUNDLED WITH
   1.13.6
