GEM
  remote: https://rubygems.org/
  specs:
    diff-lcs (1.5.0)
    haml (5.2.2)
      temple (>= 0.8.0)
      tilt
    multi_json (1.15.0)
    mustermann (2.0.2)
      ruby2_keywords (~> 0.0.1)
    net-ldap (0.17.0)
    rack (2.2.6.4)
    rack-protection (2.2.3)
      rack
    rake (13.0.6)
    rspec (3.10.0)
      rspec-core (~> 3.10.0)
      rspec-expectations (~> 3.10.0)
      rspec-mocks (~> 3.10.0)
    rspec-core (3.10.1)
      rspec-support (~> 3.10.0)
    rspec-expectations (3.10.1)
      diff-lcs (>= 1.2.0, < 2.0)
      rspec-support (~> 3.10.0)
    rspec-mocks (3.10.2)
      diff-lcs (>= 1.2.0, < 2.0)
      rspec-support (~> 3.10.0)
    rspec-support (3.10.3)
    ruby2_keywords (0.0.5)
    sinatra (2.2.3)
      mustermann (~> 2.0)
      rack (~> 2.2)
      rack-protection (= 2.2.3)
      tilt (~> 2.0)
    sinatra-contrib (2.2.3)
      multi_json
      mustermann (~> 2.0)
      rack-protection (= 2.2.3)
      sinatra (= 2.2.3)
      tilt (~> 2.0)
    temple (0.8.2)
    tilt (2.0.11)
    webrick (1.7.0)

PLATFORMS
  ruby

DEPENDENCIES
  haml (~> 5.0)
  net-ldap
  rack
  rake
  rspec
  sinatra (~> 2.2)
  sinatra-contrib
  webrick

BUNDLED WITH
   2.3.4
