GEM
  remote: https://rubygems.org/
  specs:
    base64 (0.3.0)
    diff-lcs (1.5.0)
    haml (5.2.2)
      temple (>= 0.8.0)
      tilt
    kgio (2.11.4)
    logger (1.7.0)
    multi_json (1.15.0)
    mustermann (3.0.4)
      ruby2_keywords (~> 0.0.1)
    net-ldap (0.17.1)
    rack (3.2.3)
    rack-protection (4.2.0)
      base64 (>= 0.1.0)
      logger (>= 1.6.0)
      rack (>= 3.0.0, < 4)
    rack-session (2.1.1)
      base64 (>= 0.1.0)
      rack (>= 3.0.0)
    raindrops (0.20.1)
    rake (13.0.6)
    rspec (3.12.0)
      rspec-core (~> 3.12.0)
      rspec-expectations (~> 3.12.0)
      rspec-mocks (~> 3.12.0)
    rspec-core (3.12.1)
      rspec-support (~> 3.12.0)
    rspec-expectations (3.12.2)
      diff-lcs (>= 1.2.0, < 2.0)
      rspec-support (~> 3.12.0)
    rspec-mocks (3.12.4)
      diff-lcs (>= 1.2.0, < 2.0)
      rspec-support (~> 3.12.0)
    rspec-support (3.12.0)
    ruby2_keywords (0.0.5)
    sinatra (4.2.0)
      logger (>= 1.6.0)
      mustermann (~> 3.0)
      rack (>= 3.0.0, < 4)
      rack-protection (= 4.2.0)
      rack-session (>= 2.0.0, < 3)
      tilt (~> 2.0)
    sinatra-contrib (4.2.0)
      multi_json (>= 0.0.2)
      mustermann (~> 3.0)
      rack-protection (= 4.2.0)
      sinatra (= 4.2.0)
      tilt (~> 2.0)
    temple (0.10.0)
    tilt (2.6.1)
    unicorn (6.1.0)
      kgio (~> 2.6)
      raindrops (~> 0.7)
    webrick (1.8.2)

PLATFORMS
  ruby

DEPENDENCIES
  haml (~> 5.0)
  net-ldap
  rack
  rake
  rspec
  sinatra (~> 4.2)
  sinatra-contrib
  unicorn
  webrick

BUNDLED WITH
   2.4.8
