GEM
  remote: https://rubygems.org/
  specs:
    haml (5.2.1)
      temple (>= 0.8.0)
      tilt
    multi_json (1.15.0)
    mustermann (1.1.1)
      ruby2_keywords (~> 0.0.1)
    net-ldap (0.17.0)
    rack (2.2.3)
    rack-protection (2.1.0)
      rack
    rake (13.0.3)
    ruby2_keywords (0.0.4)
    sinatra (2.1.0)
      mustermann (~> 1.0)
      rack (~> 2.2)
      rack-protection (= 2.1.0)
      tilt (~> 2.0)
    sinatra-contrib (2.1.0)
      multi_json
      mustermann (~> 1.0)
      rack-protection (= 2.1.0)
      sinatra (= 2.1.0)
      tilt (~> 2.0)
    smbhash (1.0.2)
    temple (0.8.2)
    tilt (2.0.10)

PLATFORMS
  ruby

DEPENDENCIES
  haml (~> 5.0)
  net-ldap
  rack
  rake
  sinatra (~> 2.0)
  sinatra-contrib
  smbhash

BUNDLED WITH
   2.2.15
